GEM
  remote: https://rubygems.org/
  specs:
    ast (2.4.2)
    nokogiri (1.11.3-x64-mingw32)
      racc (~> 1.4)
    ocra (1.3.11)
    open-uri (0.1.0)
    parallel (1.20.1)
    parser (3.0.1.1)
      ast (~> 2.4.1)
    racc (1.5.2)
    rainbow (3.0.0)
    regexp_parser (2.1.1)
    rexml (3.2.5)
    rubocop (1.14.0)
      parallel (~> 1.10)
      parser (>= 3.0.0.0)
      rainbow (>= 2.2.2, < 4.0)
      regexp_parser (>= 1.8, < 3.0)
      rexml
      rubocop-ast (>= 1.5.0, < 2.0)
      ruby-progressbar (~> 1.7)
      unicode-display_width (>= 1.4.0, < 3.0)
    rubocop-ast (1.5.0)
      parser (>= 3.0.1.1)
    ruby-progressbar (1.11.0)
    unicode-display_width (2.0.0)

PLATFORMS
  x64-mingw32

DEPENDENCIES
  bundler (= 2.2.17)
  nokogiri (>= 1.4.2)
  ocra (>= 1.0.0)
  open-uri
  rubocop (>= 1.0.0)

RUBY VERSION
   ruby 2.7.3p183

BUNDLED WITH
   2.2.17
